GEM
  specs:
    rack (1.3.1)
    redis (2.0.4)
    sinatra (1.0)
      rack (>= 1.0)

PLATFORMS
  ruby

DEPENDENCIES
  redis (= 2.0.4)
  sinatra
