GEM
  remote: http://rubygems.org/
  specs:
    rack (1.3.1)
    redis (2.0.4)
    sinatra (1.1.0)
      rack (~> 1.1)
      tilt (~> 1.1)
    tilt (1.3.2)

PLATFORMS
  ruby

DEPENDENCIES
  redis (= 2.0.4)
  sinatra (= 1.1)
